GEM
  remote: https://rubygems.org/
  specs:
    addressable (2.8.0)
      public_suffix (>= 2.0.2, < 5.0)
    ast (2.4.2)
    coderay (1.1.3)
    dotenv (2.7.6)
    faraday (2.3.0)
      faraday-net_http (~> 2.0)
      ruby2_keywords (>= 0.0.4)
    faraday-net_http (2.0.3)
    github_api-v4-client (0.2.0)
    json (2.6.2)
    method_source (1.0.0)
    multi_json (1.15.0)
    mustermann (1.1.1)
      ruby2_keywords (~> 0.0.1)
    octokit (5.1.0)
      faraday (>= 1, < 3)
      sawyer (~> 0.9)
    parallel (1.22.1)
    parser (3.1.2.0)
      ast (~> 2.4.1)
    pry (0.14.1)
      coderay (~> 1.1)
      method_source (~> 1.0)
    public_suffix (4.0.7)
    rack (2.2.3.1)
    rack-protection (2.2.0)
      rack
    rainbow (3.1.1)
    regexp_parser (2.5.0)
    rexml (3.2.5)
    rubocop (1.31.2)
      json (~> 2.3)
      parallel (~> 1.10)
      parser (>= 3.1.0.0)
      rainbow (>= 2.2.2, < 4.0)
      regexp_parser (>= 1.8, < 3.0)
      rexml (>= 3.2.5, < 4.0)
      rubocop-ast (>= 1.18.0, < 2.0)
      ruby-progressbar (~> 1.7)
      unicode-display_width (>= 1.4.0, < 3.0)
    rubocop-ast (1.19.1)
      parser (>= 3.1.1.0)
    rubocop-performance (1.14.3)
      rubocop (>= 1.7.0, < 2.0)
      rubocop-ast (>= 0.4.0)
    ruby-progressbar (1.11.0)
    ruby2_keywords (0.0.5)
    sawyer (0.9.2)
      addressable (>= 2.3.5)
      faraday (>= 0.17.3, < 3)
    shotgun (0.9.2)
      rack (>= 1.0)
    sinatra (2.2.0)
      mustermann (~> 1.0)
      rack (~> 2.2)
      rack-protection (= 2.2.0)
      tilt (~> 2.0)
    sinatra-contrib (2.2.0)
      multi_json
      mustermann (~> 1.0)
      rack-protection (= 2.2.0)
      sinatra (= 2.2.0)
      tilt (~> 2.0)
    tilt (2.0.10)
    unicode-display_width (2.2.0)

PLATFORMS
  ruby

DEPENDENCIES
  dotenv
  github_api-v4-client
  octokit
  pry
  rubocop
  rubocop-performance
  shotgun
  sinatra
  sinatra-contrib

BUNDLED WITH
   2.0.2
